PATH
  remote: ../jawgem
  specs:
    jawgem (0.0.1)
      activesupport (= 4.0.0)
      oauth2 (~> 0.9)

GEM
  remote: https://rubygems.org/
  specs:
    activesupport (4.0.0)
      i18n (~> 0.6, >= 0.6.4)
      minitest (~> 4.2)
      multi_json (~> 1.3)
      thread_safe (~> 0.1)
      tzinfo (~> 0.3.37)
    atomic (1.1.14)
    awesome_print (1.2.0)
    binding_of_caller (0.7.2)
      debug_inspector (>= 0.0.1)
    byebug (2.2.2)
      columnize (~> 0.3.6)
      debugger-linecache (~> 1.2.0)
    coderay (1.0.9)
    columnize (0.3.6)
    debug_inspector (0.0.2)
    debugger-linecache (1.2.0)
    diff-lcs (1.2.4)
    diffy (3.0.1)
    faraday (0.8.8)
      multipart-post (~> 1.2.0)
    grit (2.5.0)
      diff-lcs (~> 1.1)
      mime-types (~> 1.15)
      posix-spawn (~> 0.3.6)
    httpauth (0.2.0)
    i18n (0.6.5)
    jwt (0.1.8)
      multi_json (>= 1.5)
    method_source (0.8.2)
    mime-types (1.25)
    minitest (4.7.5)
    multi_json (1.8.0)
    multi_xml (0.5.5)
    multipart-post (1.2.0)
    oauth2 (0.9.2)
      faraday (~> 0.8)
      httpauth (~> 0.2)
      jwt (~> 0.1.4)
      multi_json (~> 1.0)
      multi_xml (~> 0.5)
      rack (~> 1.2)
    posix-spawn (0.3.6)
    pry (0.9.12.2)
      coderay (~> 1.0.5)
      method_source (~> 0.8)
      slop (~> 3.4)
    pry-byebug (1.2.0)
      byebug (~> 2.2)
      pry (~> 0.9.12)
    pry-doc (0.4.6)
      pry (>= 0.9)
      yard (>= 0.8)
    pry-git (0.2.3)
      diffy
      grit
      pry (>= 0.9.8)
    pry-remote (0.1.7)
      pry (~> 0.9)
      slop (~> 3.0)
    pry-stack_explorer (0.4.9.1)
      binding_of_caller (>= 0.7)
      pry (>= 0.9.11)
    rack (1.5.2)
    slop (3.4.6)
    thread_safe (0.1.3)
      atomic
    tzinfo (0.3.37)
    yard (0.8.7.2)

PLATFORMS
  ruby

DEPENDENCIES
  activesupport
  awesome_print
  jawgem!
  pry
  pry-byebug
  pry-doc
  pry-git
  pry-remote
  pry-stack_explorer
